GEM
  remote: http://rubygems.org/
  specs:
    diff-lcs (1.1.3)
    git (1.2.5)
    gokdok (0.4.2)
      grit (>= 1.1.1)
    grit (2.4.1)
      diff-lcs (~> 1.1)
      mime-types (~> 1.15)
    jeweler (1.8.3)
      bundler (~> 1.0)
      git (>= 1.2.5)
      rake
      rdoc
    json (1.6.5)
    mime-types (1.17.2)
    rake (0.9.2.2)
    rdoc (3.12)
      json (~> 1.4)
    uuidtools (2.1.2)

PLATFORMS
  ruby

DEPENDENCIES
  gokdok
  jeweler
  uuidtools
